PATH
  remote: .
  specs:
    dspace_ore_packager (0.0.1)
      methadone (~> 1.9.0)
      rest_client

GEM
  remote: https://rubygems.org/
  specs:
    aruba (0.6.2)
      childprocess (>= 0.3.6)
      cucumber (>= 1.1.1)
      rspec-expectations (>= 2.7.0)
    builder (3.2.2)
    childprocess (0.5.6)
      ffi (~> 1.0, >= 1.0.11)
    cucumber (2.0.0)
      builder (>= 2.1.2)
      cucumber-core (~> 1.1.3)
      diff-lcs (>= 1.1.3)
      gherkin (~> 2.12)
      multi_json (>= 1.7.5, < 2.0)
      multi_test (>= 0.1.2)
    cucumber-core (1.1.3)
      gherkin (~> 2.12.0)
    diff-lcs (1.2.5)
    ffi (1.9.8)
    gherkin (2.12.2)
      multi_json (~> 1.3)
    json (1.8.2)
    methadone (1.9.0)
      bundler
    multi_json (1.11.0)
    multi_test (0.1.2)
    netrc (0.7.9)
    rake (10.4.2)
    rdoc (4.2.0)
      json (~> 1.4)
    rest_client (1.8.3)
      netrc (~> 0.7.7)
    rspec-expectations (3.2.1)
      diff-lcs (>= 1.2.0, < 2.0)
      rspec-support (~> 3.2.0)
    rspec-support (3.2.2)

PLATFORMS
  ruby

DEPENDENCIES
  aruba
  bundler (~> 1.6)
  dspace_ore_packager!
  rake
  rdoc
